GIT
  remote: https://github.com/ohzqq/calibredb
  revision: ba5fc1a02c28deb8be192f73b6eba4f44c60275a
  specs:
    calibredb (0.1.0)
      configatron (~> 4.5.1)
      json (~> 2.6.1)
      sequel (~> 5.52.0)
      sqlite3 (~> 1.4.2)
      yaml (~> 0.2.0)

PATH
  remote: .
  specs:
    calibre_api (0.1.0)
      commander (~> 4.6.0)
      json (~> 2.6.1)
      pagy (~> 5.10.1)
      puma (~> 5.6.2)
      rabl (~> 0.15.0)
      sinatra (~> 2.2.0)
      yaml (~> 0.2.0)

GEM
  remote: https://rubygems.org/
  specs:
    activesupport (7.0.2.2)
      concurrent-ruby (~> 1.0, >= 1.0.2)
      i18n (>= 1.6, < 2)
      minitest (>= 5.1)
      tzinfo (~> 2.0)
    commander (4.6.0)
      highline (~> 2.0.0)
    concurrent-ruby (1.1.9)
    configatron (4.5.1)
    highline (2.0.3)
    i18n (1.10.0)
      concurrent-ruby (~> 1.0)
    json (2.6.1)
    minitest (5.15.0)
    multi_json (1.15.0)
    mustermann (1.1.1)
      ruby2_keywords (~> 0.0.1)
    nio4r (2.5.8)
    pagy (5.10.1)
      activesupport
    puma (5.6.2)
      nio4r (~> 2.0)
    rabl (0.15.0)
      activesupport (>= 2.3.14)
    rack (2.2.3)
    rack-protection (2.2.0)
      rack
    rake (13.0.6)
    ruby2_keywords (0.0.5)
    sequel (5.52.0)
    sinatra (2.2.0)
      mustermann (~> 1.0)
      rack (~> 2.2)
      rack-protection (= 2.2.0)
      tilt (~> 2.0)
    sinatra-contrib (2.2.0)
      multi_json
      mustermann (~> 1.0)
      rack-protection (= 2.2.0)
      sinatra (= 2.2.0)
      tilt (~> 2.0)
    sqlite (1.0.2)
    sqlite3 (1.4.2)
    tilt (2.0.10)
    tzinfo (2.0.4)
      concurrent-ruby (~> 1.0)
    yaml (0.2.0)

PLATFORMS
  x86_64-linux

DEPENDENCIES
  calibre_api!
  calibredb!
  commander (~> 4.6)
  configatron (~> 4.5)
  json (~> 2.6)
  pagy (~> 5.10)
  puma (~> 5.6)
  rabl (~> 0.15.0)
  rake (~> 13.0)
  sequel (~> 5.52)
  sinatra (~> 2.2)
  sinatra-contrib (~> 2.2)
  sqlite (~> 1.0)
  yaml (~> 0.2.0)

BUNDLED WITH
   2.2.33
