GIT
  remote: https://github.com/ohzqq/calibredb
  revision: e7c1e215b238c7c4b42e6fddb51c30227e988539
  specs:
    calibredb (0.1.0)
      json (~> 2.6.1)
      sequel (~> 5.52.0)
      sqlite3 (~> 1.4.2)
      yaml (~> 0.2.0)

GEM
  remote: https://rubygems.org/
  specs:
    activesupport (7.0.2.3)
      concurrent-ruby (~> 1.0, >= 1.0.2)
      i18n (>= 1.6, < 2)
      minitest (>= 5.1)
      tzinfo (~> 2.0)
    builder (3.2.4)
    commander (4.6.0)
      highline (~> 2.0.0)
    concurrent-ruby (1.1.9)
    configatron (4.5.1)
    delegate (0.2.0)
    highline (2.0.3)
    i18n (1.10.0)
      concurrent-ruby (~> 1.0)
    json (2.6.1)
    minitest (5.15.0)
    multi_json (1.15.0)
    mustermann (1.1.1)
      ruby2_keywords (~> 0.0.1)
    nio4r (2.5.8)
    nokogiri (1.13.3-x86_64-linux)
      racc (~> 1.4)
    pagy (5.10.1)
      activesupport
    puma (5.6.2)
      nio4r (~> 2.0)
    racc (1.6.0)
    rack (2.2.3)
    rack-protection (2.2.0)
      rack
    rake (13.0.6)
    ruby2_keywords (0.0.5)
    sequel (5.52.0)
    sinatra (2.2.0)
      mustermann (~> 1.0)
      rack (~> 2.2)
      rack-protection (= 2.2.0)
      tilt (~> 2.0)
    sinatra-contrib (2.2.0)
      multi_json
      mustermann (~> 1.0)
      rack-protection (= 2.2.0)
      sinatra (= 2.2.0)
      tilt (~> 2.0)
    sqlite (1.0.2)
    sqlite3 (1.4.2)
    sterile (1.0.23)
      nokogiri (>= 1.11.7)
    strings (0.2.1)
      strings-ansi (~> 0.2)
      unicode-display_width (>= 1.5, < 3.0)
      unicode_utils (~> 1.4)
    strings-ansi (0.2.0)
    tilt (2.0.10)
    tzinfo (2.0.4)
      concurrent-ruby (~> 1.0)
    unicode-display_width (2.1.0)
    unicode_utils (1.4.0)
    yaml (0.2.0)

PLATFORMS
  x86_64-linux

DEPENDENCIES
  builder (~> 3.2)
  calibredb!
  commander (~> 4.6)
  configatron (~> 4.5)
  delegate (~> 0.2.0)
  json (~> 2.6)
  pagy (~> 5.10)
  puma (~> 5.6)
  rake (~> 13.0)
  sequel (~> 5.52)
  sinatra (~> 2.2)
  sinatra-contrib (~> 2.2)
  sqlite (~> 1.0)
  sterile (~> 1.0)
  strings (~> 0.2.1)
  yaml (~> 0.2.0)

BUNDLED WITH
   2.2.33
